GIT
  remote: https://github.com/github/gemoji.git
  revision: 3db7811891655d6a50809a32306d552662294c44
  specs:
    gemoji (2.1.0)

GEM
  specs:

PLATFORMS
  ruby

DEPENDENCIES
  gemoji!
